GIT
  remote: https://github.com/satoyos/guard-motion.git
  revision: 3567a6e0a17057d87818ab005098970ba30c7a5b
  branch: inherit_Plugin
  specs:
    guard-motion (0.1.3)
      guard (>= 1.1.0)
      rake (>= 0.9)

PATH
  remote: .
  specs:
    motion-storekit (1.0)

GEM
  remote: https://rubygems.org/
  specs:
    bacon-expect (1.0.3)
    celluloid (0.16.0)
      timers (~> 4.0.0)
    coderay (1.1.0)
    ffi (1.9.6)
    formatador (0.2.5)
    guard (2.11.1)
      formatador (>= 0.2.4)
      listen (~> 2.7)
      lumberjack (~> 1.0)
      nenv (~> 0.1)
      notiffany (~> 0.0)
      pry (>= 0.9.12)
      shellany (~> 0.0)
      thor (>= 0.18.1)
    hitimes (1.2.2)
    listen (2.8.5)
      celluloid (>= 0.15.2)
      rb-fsevent (>= 0.9.3)
      rb-inotify (>= 0.9)
    lumberjack (1.0.9)
    method_source (0.8.2)
    motion-redgreen (1.0.0)
    motion-stump (0.3.2)
    motion_print (0.0.4)
    nenv (0.1.1)
    notiffany (0.0.3)
      nenv (~> 0.1)
      shellany (~> 0.0)
    pry (0.10.1)
      coderay (~> 1.1.0)
      method_source (~> 0.8.1)
      slop (~> 3.4)
    rake (10.4.2)
    rb-fsevent (0.9.4)
    rb-inotify (0.9.5)
      ffi (>= 0.5.0)
    shellany (0.0.1)
    slop (3.6.0)
    thor (0.19.1)
    timers (4.0.1)
      hitimes

PLATFORMS
  ruby

DEPENDENCIES
  bacon-expect
  guard-motion!
  motion-redgreen
  motion-storekit!
  motion-stump
  motion_print
  rake
  rb-fsevent
